GEM
  remote: http://rubygems.org/
  specs:
    archive-tar-minitar (0.5.2)
    columnize (0.3.4)
    erubis (2.7.0)
    exec_sandbox (0.1.2)
      ffi (>= 1.0.9)
    ffi (1.0.10)
    hashie (1.2.0)
    highline (1.6.2)
    json (1.6.1)
    linecache19 (0.5.12)
      ruby_core_source (>= 0.1.4)
    mechanize (2.0.2)
      net-http-digest_auth (~> 1.1, >= 1.1.1)
      net-http-persistent (~> 1.8)
      nokogiri (~> 1.4)
      webrobots (~> 0.0, >= 0.0.9)
    net-http-digest_auth (1.1.1)
    net-http-persistent (1.9)
    nokogiri (1.5.0)
    rake (0.9.2.2)
    ruby-debug-base19 (0.11.25)
      columnize (>= 0.3.1)
      linecache19 (>= 0.5.11)
      ruby_core_source (>= 0.1.4)
    ruby-debug19 (0.11.6)
      columnize (>= 0.3.1)
      linecache19 (>= 0.5.11)
      ruby-debug-base19 (>= 0.11.19)
    ruby_core_source (0.1.5)
      archive-tar-minitar (>= 0.5.2)
    stellar (0.3.0)
      mechanize (>= 2.0.2)
      nokogiri (>= 1.5.0)
    webrobots (0.0.12)
      nokogiri (>= 1.4.4)

PLATFORMS
  ruby

DEPENDENCIES
  erubis (>= 2.7.0)
  exec_sandbox (>= 0.1.1)
  hashie (>= 1.2.0)
  highline (>= 1.6.2)
  json (>= 1.6.1)
  rake (>= 0.9.2)
  ruby-debug19 (>= 0.11.6)
  stellar (>= 0.3.0)
