GEM
  remote: http://rubygems.org/
  specs:
    erubis (2.7.0)
    exec_sandbox (0.1.2)
      ffi (>= 1.0.9)
    ffi (1.0.9)
    highline (1.6.2)
    json (1.6.1)
    mechanize (2.0.2)
      net-http-digest_auth (~> 1.1, >= 1.1.1)
      net-http-persistent (~> 1.8)
      nokogiri (~> 1.4)
      webrobots (~> 0.0, >= 0.0.9)
    net-http-digest_auth (1.1.1)
    net-http-persistent (1.9)
    nokogiri (1.5.0)
    rake (0.9.2)
    stellar (0.1.1)
      mechanize (>= 2.0.2)
      nokogiri (>= 1.5.0)
    webrobots (0.0.12)
      nokogiri (>= 1.4.4)

PLATFORMS
  ruby

DEPENDENCIES
  erubis (>= 2.7.0)
  exec_sandbox (>= 0.1.1)
  highline (>= 1.6.2)
  json (>= 1.6.1)
  rake (>= 0.9.2)
  stellar (>= 0.1.1)
